GIT
  remote: https://github.com/danielpietzsch/jekyll-webmention_io.git
  revision: bca0d1935121a23d32bcb096b65ef3ec1f90f0b1
  branch: jekyll4
  specs:
    jekyll-webmention_io (3.3.5)
      htmlbeautifier (~> 1.1)
      jekyll (>= 3.2.0, < 5.0)
      json (~> 2.0)
      openssl (~> 2.0)
      string_inflection (~> 0.1)
      uglifier (~> 4.1)
      webmention (~> 0.1.6)

GEM
  remote: https://rubygems.org/
  specs:
    addressable (2.7.0)
      public_suffix (>= 2.0.2, < 5.0)
    colorator (1.1.0)
    concurrent-ruby (1.1.8)
    diff-lcs (1.4.4)
    em-websocket (0.5.2)
      eventmachine (>= 0.12.9)
      http_parser.rb (~> 0.6.0)
    eventmachine (1.2.7)
    execjs (2.8.1)
    ffi (1.15.0)
    forwardable-extended (2.6.0)
    htmlbeautifier (1.3.1)
    http_parser.rb (0.6.0)
    httparty (0.15.7)
      multi_xml (>= 0.5.2)
    i18n (1.8.10)
      concurrent-ruby (~> 1.0)
    jekyll (4.2.0)
      addressable (~> 2.4)
      colorator (~> 1.0)
      em-websocket (~> 0.5)
      i18n (~> 1.0)
      jekyll-sass-converter (~> 2.0)
      jekyll-watch (~> 2.0)
      kramdown (~> 2.3)
      kramdown-parser-gfm (~> 1.0)
      liquid (~> 4.0)
      mercenary (~> 0.4.0)
      pathutil (~> 0.9)
      rouge (~> 3.0)
      safe_yaml (~> 1.0)
      terminal-table (~> 2.0)
    jekyll-feed (0.15.1)
      jekyll (>= 3.7, < 5.0)
    jekyll-sass-converter (2.1.0)
      sassc (> 2.0.1, < 3.0)
    jekyll-seo-tag (2.7.1)
      jekyll (>= 3.8, < 5.0)
    jekyll-sitemap (1.4.0)
      jekyll (>= 3.7, < 5.0)
    jekyll-watch (2.2.1)
      listen (~> 3.0)
    json (2.5.1)
    kramdown (2.3.1)
      rexml
    kramdown-parser-gfm (1.1.0)
      kramdown (~> 2.0)
    link_header (0.0.8)
    liquid (4.0.3)
    listen (3.5.1)
      rb-fsevent (~> 0.10, >= 0.10.3)
      rb-inotify (~> 0.9, >= 0.9.10)
    mercenary (0.4.0)
    multi_xml (0.6.0)
    nokogiri (1.11.4-arm64-darwin)
      racc (~> 1.4)
    openssl (2.2.0)
    pathutil (0.16.2)
      forwardable-extended (~> 2.6)
    public_suffix (4.0.6)
    racc (1.5.2)
    rb-fsevent (0.11.0)
    rb-inotify (0.10.1)
      ffi (~> 1.0)
    rexml (3.2.5)
    rouge (3.26.0)
    rspec (3.10.0)
      rspec-core (~> 3.10.0)
      rspec-expectations (~> 3.10.0)
      rspec-mocks (~> 3.10.0)
    rspec-core (3.10.1)
      rspec-support (~> 3.10.0)
    rspec-expectations (3.10.1)
      diff-lcs (>= 1.2.0, < 2.0)
      rspec-support (~> 3.10.0)
    rspec-mocks (3.10.2)
      diff-lcs (>= 1.2.0, < 2.0)
      rspec-support (~> 3.10.0)
    rspec-support (3.10.2)
    safe_yaml (1.0.5)
    sassc (2.4.0)
      ffi (~> 1.9)
    string_inflection (0.1.2)
    terminal-table (2.0.0)
      unicode-display_width (~> 1.1, >= 1.1.1)
    uglifier (4.2.0)
      execjs (>= 0.3.0, < 3)
    unicode-display_width (1.7.0)
    webmention (0.1.6)
      httparty (~> 0.15.5)
      json
      link_header (~> 0.0.8)
      nokogiri
    webrick (1.7.0)

PLATFORMS
  arm64-darwin-20

DEPENDENCIES
  jekyll
  jekyll-feed
  jekyll-seo-tag
  jekyll-sitemap
  jekyll-webmention_io!
  rspec
  webrick (~> 1.7)

BUNDLED WITH
   2.2.17
